GEM
  remote: https://rubygems.org/
  specs:
    backports (3.8.0)
    bourbon (4.3.4)
      sass (~> 3.4)
      thor (~> 0.19)
    concurrent-ruby (1.0.5)
    multi_json (1.12.1)
    mustermann (1.0.0)
    rack (2.0.2)
    rack-protection (2.0.0)
      rack
    rake (12.0.0)
    sass (3.4.23)
    sinatra (2.0.0)
      mustermann (~> 1.0)
      rack (~> 2.0)
      rack-protection (= 2.0.0)
      tilt (~> 2.0)
    sinatra-contrib (2.0.0)
      backports (>= 2.0)
      multi_json
      mustermann (~> 1.0)
      rack-protection (= 2.0.0)
      sinatra (= 2.0.0)
      tilt (>= 1.3, < 3)
    slim (3.0.8)
      temple (>= 0.7.6, < 0.9)
      tilt (>= 1.3.3, < 2.1)
    sprockets (3.7.1)
      concurrent-ruby (~> 1.0)
      rack (> 1, < 3)
    sprockets-helpers (1.2.1)
      sprockets (>= 2.2)
    temple (0.8.0)
    thor (0.19.4)
    tilt (2.0.7)

PLATFORMS
  ruby

DEPENDENCIES
  bourbon
  rake
  sass
  sinatra
  sinatra-contrib
  slim
  sprockets
  sprockets-helpers

BUNDLED WITH
   1.14.6
