GEM
  remote: https://rubygems.org/
  specs:
    backports (2.8.2)
    bourbon (5.0.0)
      sass (~> 3.4)
      thor (~> 0.19)
    concurrent-ruby (1.0.5)
    ffi (1.9.25)
    multi_json (1.13.1)
    mustermann (1.0.2)
    rack (2.0.5)
    rack-protection (2.0.2)
      rack
    rake (12.3.1)
    rb-fsevent (0.10.3)
    rb-inotify (0.9.10)
      ffi (>= 0.5.0, < 2)
    sass (3.5.6)
      sass-listen (~> 4.0.0)
    sass-listen (4.0.0)
      rb-fsevent (~> 0.9, >= 0.9.4)
      rb-inotify (~> 0.9, >= 0.9.7)
    sinatra (2.0.2)
      mustermann (~> 1.0)
      rack (~> 2.0)
      rack-protection (= 2.0.2)
      tilt (~> 2.0)
    sinatra-contrib (2.0.2)
      backports (~> 2.8.2)
      multi_json
      mustermann (~> 1.0)
      rack-protection (= 2.0.2)
      sinatra (= 2.0.2)
      tilt (>= 1.3, < 3)
    slim (3.0.9)
      temple (>= 0.7.6, < 0.9)
      tilt (>= 1.3.3, < 2.1)
    sprockets (3.7.1)
      concurrent-ruby (~> 1.0)
      rack (> 1, < 3)
    sprockets-helpers (1.2.1)
      sprockets (>= 2.2)
    temple (0.8.0)
    thor (0.20.0)
    tilt (2.0.8)

PLATFORMS
  ruby

DEPENDENCIES
  bourbon
  rake
  sass
  sinatra
  sinatra-contrib
  slim
  sprockets
  sprockets-helpers

BUNDLED WITH
   1.16.1
